PATH
  remote: .
  specs:
    activeadmin_json_editor (0.0.8)
      ace-rails-ap
      railties (~> 5.2, >= 3.0)

GEM
  remote: https://rubygems.org/
  specs:
    ace-rails-ap (4.4)
    actionpack (5.2.7.1)
      actionview (= 5.2.7.1)
      activesupport (= 5.2.7.1)
      rack (~> 2.0, >= 2.0.8)
      rack-test (>= 0.6.3)
      rails-dom-testing (~> 2.0)
      rails-html-sanitizer (~> 1.0, >= 1.0.2)
    actionview (5.2.7.1)
      activesupport (= 5.2.7.1)
      builder (~> 3.1)
      erubi (~> 1.4)
      rails-dom-testing (~> 2.0)
      rails-html-sanitizer (~> 1.0, >= 1.0.3)
    activesupport (5.2.7.1)
      concurrent-ruby (~> 1.0, >= 1.0.2)
      i18n (>= 0.7, < 2)
      minitest (~> 5.1)
      tzinfo (~> 1.1)
    builder (3.2.4)
    concurrent-ruby (1.1.10)
    crass (1.0.6)
    erubi (1.10.0)
    i18n (1.10.0)
      concurrent-ruby (~> 1.0)
    loofah (2.17.0)
      crass (~> 1.0.2)
      nokogiri (>= 1.5.9)
    method_source (1.0.0)
    mini_portile2 (2.8.0)
    minitest (5.15.0)
    nokogiri (1.13.6)
      mini_portile2 (~> 2.8.0)
      racc (~> 1.4)
    racc (1.6.0)
    rack (2.2.3)
    rack-test (1.1.0)
      rack (>= 1.0, < 3)
    rails-dom-testing (2.0.3)
      activesupport (>= 4.2.0)
      nokogiri (>= 1.6)
    rails-html-sanitizer (1.4.2)
      loofah (~> 2.3)
    railties (5.2.7.1)
      actionpack (= 5.2.7.1)
      activesupport (= 5.2.7.1)
      method_source
      rake (>= 0.8.7)
      thor (>= 0.19.0, < 2.0)
    rake (13.0.6)
    thor (1.2.1)
    thread_safe (0.3.6)
    tzinfo (1.2.9)
      thread_safe (~> 0.1)

PLATFORMS
  ruby

DEPENDENCIES
  activeadmin_json_editor!
  bundler (~> 1.5)

BUNDLED WITH
   1.17.2
